STORAGE: NONE
RESTRICTION: || (== net7.0) (== netstandard2.0)
NUGET
  remote: https://api.nuget.org/v3/index.json
    Fable.Browser.Blob (1.3)
      Fable.Core (>= 3.0)
      FSharp.Core (>= 4.7.2)
    Fable.Browser.Dom (2.14)
      Fable.Browser.Blob (>= 1.3)
      Fable.Browser.Event (>= 1.5)
      Fable.Browser.WebStorage (>= 1.2)
      Fable.Core (>= 3.2.8)
      FSharp.Core (>= 4.7.2)
    Fable.Browser.Event (1.5)
      Fable.Browser.Gamepad (>= 1.1)
      Fable.Core (>= 3.0)
      FSharp.Core (>= 4.7.2)
    Fable.Browser.Gamepad (1.2)
      Fable.Core (>= 3.0)
      FSharp.Core (>= 4.7.2)
    Fable.Browser.WebStorage (1.2)
      Fable.Browser.Event (>= 1.5)
      Fable.Core (>= 3.0)
      FSharp.Core (>= 4.7.2)
    Fable.Browser.XMLHttpRequest (1.3)
      Fable.Browser.Blob (>= 1.3)
      Fable.Browser.Event (>= 1.5)
      Fable.Core (>= 3.0)
      FSharp.Core (>= 4.7.2)
    Fable.Core (4.0.0-theta-007)
    Fable.Parsimmon (4.1)
      Fable.Core (>= 3.0)
      FSharp.Core (>= 4.6.2)
    Fable.Remoting.Client (7.25)
      Fable.Browser.XMLHttpRequest (>= 1.0)
      Fable.Core (>= 3.1.5)
      Fable.Remoting.MsgPack (>= 1.18)
      Fable.SimpleJson (>= 3.24)
      FSharp.Core (>= 4.7.2)
    Fable.Remoting.Giraffe (5.14)
      Fable.Remoting.Server (>= 5.32) - restriction: || (== net7.0) (&& (== netstandard2.0) (>= net5.0))
      FSharp.Core (>= 6.0) - restriction: || (== net7.0) (&& (== netstandard2.0) (>= net5.0))
      Giraffe (>= 5.0) - restriction: || (== net7.0) (&& (== netstandard2.0) (>= net5.0))
      Microsoft.IO.RecyclableMemoryStream (>= 2.2) - restriction: || (== net7.0) (&& (== netstandard2.0) (>= net5.0))
    Fable.Remoting.Json (2.23) - restriction: || (== net7.0) (&& (== netstandard2.0) (>= net5.0))
      FSharp.Core (>= 6.0)
      Newtonsoft.Json (>= 12.0.2)
    Fable.Remoting.MsgPack (1.18)
      FSharp.Core (>= 4.7.2)
    Fable.Remoting.Server (5.32) - restriction: || (== net7.0) (&& (== netstandard2.0) (>= net5.0))
      Fable.Remoting.Json (>= 2.21)
      Fable.Remoting.MsgPack (>= 1.18)
      FSharp.Core (>= 6.0)
      Microsoft.IO.RecyclableMemoryStream (>= 2.2)
    Fable.SimpleJson (3.24)
      Fable.Core (>= 3.1.5)
      Fable.Parsimmon (>= 4.0)
      FSharp.Core (>= 4.7)
    FSharp.Control.Websockets (0.2.3) - restriction: || (== net7.0) (&& (== netstandard2.0) (>= net6.0))
      FSharp.Core (>= 6.0)
      Microsoft.IO.RecyclableMemoryStream (>= 2.2.1)
    FSharp.Core (7.0)
    Giraffe (6.0) - restriction: || (== net7.0) (&& (== netstandard2.0) (>= net6.0))
      FSharp.Core (>= 6.0.1) - restriction: || (== net7.0) (&& (== netstandard2.0) (>= net6.0))
      Giraffe.ViewEngine (>= 1.3) - restriction: || (== net7.0) (&& (== netstandard2.0) (>= net6.0))
      Microsoft.IO.RecyclableMemoryStream (>= 2.2) - restriction: || (== net7.0) (&& (== netstandard2.0) (>= net6.0))
      Newtonsoft.Json (>= 13.0.1) - restriction: || (== net7.0) (&& (== netstandard2.0) (>= net6.0))
      System.Text.Json (>= 6.0.2) - restriction: || (== net7.0) (&& (== netstandard2.0) (>= net6.0))
      Utf8Json (>= 1.3.7) - restriction: || (== net7.0) (&& (== netstandard2.0) (>= net6.0))
    Giraffe.ViewEngine (1.4) - restriction: || (== net7.0) (&& (== netstandard2.0) (>= net6.0))
      FSharp.Core (>= 5.0)
    Microsoft.AspNetCore.Authentication.JwtBearer (7.0.2) - restriction: || (== net7.0) (&& (== netstandard2.0) (>= net6.0))
      Microsoft.IdentityModel.Protocols.OpenIdConnect (>= 6.15.1) - restriction: || (== net7.0) (&& (== netstandard2.0) (>= net7.0))
    Microsoft.CSharp (4.7) - restriction: || (== net7.0) (&& (== netstandard2.0) (>= net7.0))
    Microsoft.IdentityModel.Abstractions (6.26) - restriction: || (== net7.0) (&& (== netstandard2.0) (>= net7.0))
    Microsoft.IdentityModel.JsonWebTokens (6.26) - restriction: || (== net7.0) (&& (== netstandard2.0) (>= net7.0))
      Microsoft.IdentityModel.Tokens (>= 6.26)
      System.Text.Encoding (>= 4.3)
      System.Text.Encodings.Web (>= 4.7.2)
      System.Text.Json (>= 4.7.2)
    Microsoft.IdentityModel.Logging (6.26) - restriction: || (== net7.0) (&& (== netstandard2.0) (>= net7.0))
      Microsoft.IdentityModel.Abstractions (>= 6.26)
    Microsoft.IdentityModel.Protocols (6.26) - restriction: || (== net7.0) (&& (== netstandard2.0) (>= net7.0))
      Microsoft.IdentityModel.Logging (>= 6.26)
      Microsoft.IdentityModel.Tokens (>= 6.26)
    Microsoft.IdentityModel.Protocols.OpenIdConnect (6.26) - restriction: || (== net7.0) (&& (== netstandard2.0) (>= net7.0))
      Microsoft.IdentityModel.Protocols (>= 6.26)
      System.IdentityModel.Tokens.Jwt (>= 6.26)
    Microsoft.IdentityModel.Tokens (6.26) - restriction: || (== net7.0) (&& (== netstandard2.0) (>= net7.0))
      Microsoft.CSharp (>= 4.5)
      Microsoft.IdentityModel.Logging (>= 6.26)
      System.Security.Cryptography.Cng (>= 4.5)
    Microsoft.IO.RecyclableMemoryStream (2.2.1) - restriction: || (== net7.0) (&& (== netstandard2.0) (>= net5.0)) (&& (== netstandard2.0) (>= net6.0))
    Microsoft.NETCore.Platforms (7.0) - restriction: || (== net7.0) (&& (== netstandard2.0) (>= net7.0))
    Microsoft.NETCore.Targets (5.0) - restriction: || (== net7.0) (&& (== netstandard2.0) (>= net7.0))
    Newtonsoft.Json (13.0.2) - restriction: || (== net7.0) (&& (== netstandard2.0) (>= net6.0))
    Saturn (0.16.1)
      FSharp.Control.Websockets (>= 0.2.2) - restriction: || (== net7.0) (&& (== netstandard2.0) (>= net6.0))
      Giraffe (>= 6.0) - restriction: || (== net7.0) (&& (== netstandard2.0) (>= net6.0))
      Microsoft.AspNetCore.Authentication.JwtBearer (>= 6.0.3) - restriction: || (== net7.0) (&& (== netstandard2.0) (>= net6.0))
    System.Formats.Asn1 (7.0) - restriction: || (== net7.0) (&& (== netstandard2.0) (>= net7.0))
    System.IdentityModel.Tokens.Jwt (6.26) - restriction: || (== net7.0) (&& (== netstandard2.0) (>= net7.0))
      Microsoft.IdentityModel.JsonWebTokens (>= 6.26)
      Microsoft.IdentityModel.Tokens (>= 6.26)
    System.Reflection.Emit (4.7) - restriction: || (== net7.0) (&& (== netstandard2.0) (>= net6.0))
    System.Reflection.Emit.Lightweight (4.7) - restriction: || (== net7.0) (&& (== netstandard2.0) (>= net6.0))
    System.Runtime (4.3.1) - restriction: || (== net7.0) (&& (== netstandard2.0) (>= net7.0))
      Microsoft.NETCore.Platforms (>= 1.1.1)
      Microsoft.NETCore.Targets (>= 1.1.3)
    System.Security.Cryptography.Cng (5.0) - restriction: || (== net7.0) (&& (== netstandard2.0) (>= net7.0))
      System.Formats.Asn1 (>= 5.0) - restriction: || (== net7.0) (&& (== netstandard2.0) (>= netcoreapp3.0))
    System.Text.Encoding (4.3) - restriction: || (== net7.0) (&& (== netstandard2.0) (>= net7.0))
      Microsoft.NETCore.Platforms (>= 1.1)
      Microsoft.NETCore.Targets (>= 1.1)
      System.Runtime (>= 4.3)
    System.Text.Encodings.Web (7.0) - restriction: || (== net7.0) (&& (== netstandard2.0) (>= net6.0))
    System.Text.Json (7.0.1) - restriction: || (== net7.0) (&& (== netstandard2.0) (>= net6.0))
      System.Text.Encodings.Web (>= 7.0)
    System.Threading.Tasks.Extensions (4.5.4) - restriction: || (== net7.0) (&& (== netstandard2.0) (>= net6.0))
    System.ValueTuple (4.5) - restriction: || (== net7.0) (&& (== netstandard2.0) (>= net6.0))
    Utf8Json (1.3.7) - restriction: || (== net7.0) (&& (== netstandard2.0) (>= net6.0))
      System.Reflection.Emit (>= 4.3)
      System.Reflection.Emit.Lightweight (>= 4.3)
      System.Threading.Tasks.Extensions (>= 4.4)
      System.ValueTuple (>= 4.4)
